GEM
  remote: https://rubygems.org/
  specs:
    backports (3.6.8)
    bson (4.1.1)
    mongo (2.2.5)
      bson (~> 4.0)
    multi_json (1.12.0)
    rack (1.6.4)
    rack-protection (1.5.3)
      rack
    rack-test (0.6.3)
      rack (>= 1.0)
    sinatra (1.4.7)
      rack (~> 1.5)
      rack-protection (~> 1.4)
      tilt (>= 1.3, < 3)
    sinatra-contrib (1.4.7)
      backports (>= 2.0)
      multi_json
      rack-protection
      rack-test
      sinatra (~> 1.4.0)
      tilt (>= 1.3, < 3)
    sinatra-cross_origin (0.3.2)
    tilt (2.0.3)

PLATFORMS
  ruby

DEPENDENCIES
  mongo (~> 2.1)
  sinatra
  sinatra-contrib
  sinatra-cross_origin

BUNDLED WITH
   1.12.3
